PATH
  remote: .
  specs:
    jsonapi-serializer-formats (0.0.3)
      activesupport (>= 4.2)
      jsonapi-serializer (>= 2.1.0)

GEM
  remote: https://rubygems.org/
  specs:
    activesupport (6.1.3)
      concurrent-ruby (~> 1.0, >= 1.0.2)
      i18n (>= 1.6, < 2)
      minitest (>= 5.1)
      tzinfo (~> 2.0)
      zeitwerk (~> 2.3)
    byebug (11.1.3)
    concurrent-ruby (1.1.8)
    diff-lcs (1.4.4)
    ffaker (2.17.0)
    i18n (1.8.9)
      concurrent-ruby (~> 1.0)
    jsonapi-serializer (2.1.0)
      activesupport (>= 4.2)
    minitest (5.14.3)
    rake (13.0.3)
    rspec (3.10.0)
      rspec-core (~> 3.10.0)
      rspec-expectations (~> 3.10.0)
      rspec-mocks (~> 3.10.0)
    rspec-core (3.10.1)
      rspec-support (~> 3.10.0)
    rspec-expectations (3.10.1)
      diff-lcs (>= 1.2.0, < 2.0)
      rspec-support (~> 3.10.0)
    rspec-mocks (3.10.2)
      diff-lcs (>= 1.2.0, < 2.0)
      rspec-support (~> 3.10.0)
    rspec-support (3.10.2)
    tzinfo (2.0.4)
      concurrent-ruby (~> 1.0)
    zeitwerk (2.4.2)

PLATFORMS
  ruby

DEPENDENCIES
  bundler
  byebug
  ffaker
  jsonapi-serializer-formats!
  rake
  rspec

BUNDLED WITH
   2.2.3
